PATH
  remote: .
  specs:
    nfe-paulistana (1.0.5)
      nokogiri (>= 1.9.1)
      savon (>= 2.12)
      signer

GEM
  remote: http://rubygems.org/
  specs:
    akami (1.3.1)
      gyoku (>= 0.4.0)
      nokogiri
    builder (3.2.4)
    coderay (1.1.2)
    gyoku (1.3.1)
      builder (>= 2.1.2)
    httpi (2.4.4)
      rack
      socksify
    method_source (0.8.2)
    mini_portile2 (2.8.0)
    minitest (5.4.0)
    nokogiri (1.13.3)
      mini_portile2 (~> 2.8.0)
      racc (~> 1.4)
    nori (2.6.0)
    pry (0.10.4)
      coderay (~> 1.1.0)
      method_source (~> 0.8.1)
      slop (~> 3.4)
    pry-nav (0.2.4)
      pry (>= 0.9.10, < 0.11.0)
    racc (1.6.0)
    rack (2.1.4)
    rake (10.3.2)
    savon (2.12.0)
      akami (~> 1.2)
      builder (>= 2.1.2)
      gyoku (~> 1.2)
      httpi (~> 2.3)
      nokogiri (>= 1.8.1)
      nori (~> 2.4)
      wasabi (~> 3.4)
    signer (1.9.0)
      nokogiri (>= 1.5.1)
    slop (3.6.0)
    socksify (1.7.1)
    wasabi (3.5.0)
      httpi (~> 2.0)
      nokogiri (>= 1.4.2)

PLATFORMS
  ruby

DEPENDENCIES
  minitest
  nfe-paulistana!
  pry-nav
  rake

BUNDLED WITH
   1.17.3
